GEM
  remote: https://rubygems.org/
  specs:
    json (2.2.0)
    mini_portile2 (2.4.0)
    mustermann (1.0.3)
    nokogiri (1.10.3-x64-mingw32)
      mini_portile2 (~> 2.4.0)
    rack (2.0.7)
    rack-protection (2.0.5)
      rack
    sinatra (2.0.5)
      mustermann (~> 1.0)
      rack (~> 2.0)
      rack-protection (= 2.0.5)
      tilt (~> 2.0)
    tilt (2.0.9)

PLATFORMS
  x64-mingw32

DEPENDENCIES
  json
  nokogiri
  sinatra

BUNDLED WITH
   2.0.1
