GEM
  remote: https://rubygems.org/
  specs:
    firebase (0.2.6)
      httpclient
      json
    httpclient (2.8.3)
    json (2.1.0)
    mini_portile2 (2.2.0)
    mustermann (1.0.0)
    nokogiri (1.8.0-x64-mingw32)
      mini_portile2 (~> 2.2.0)
    rack (2.0.3)
    rack-protection (2.0.0)
      rack
    sinatra (2.0.0)
      mustermann (~> 1.0)
      rack (~> 2.0)
      rack-protection (= 2.0.0)
      tilt (~> 2.0)
    tilt (2.0.7)

PLATFORMS
  x64-mingw32

DEPENDENCIES
  firebase
  json
  nokogiri
  sinatra

BUNDLED WITH
   1.13.5
